GEM
  remote: https://rubygems.org/
  specs:
    dbi (0.4.5)
      deprecated (= 2.0.1)
    deprecated (2.0.1)
    docile (1.1.3)
    flexmock (1.3.3)
    hoe (3.11.0)
      rake (>= 0.8, < 11.0)
    minitest (5.3.2)
    multi_json (1.9.2)
    rake (10.2.2)
    simplecov (0.8.2)
      docile (~> 1.1.0)
      multi_json
      simplecov-html (~> 0.8.0)
    simplecov-html (0.8.0)

PLATFORMS
  ruby

DEPENDENCIES
  dbi
  flexmock
  hoe
  minitest
  rake
  simplecov
