GEM
  remote: https://rubygems.org/
  specs:
    binding_of_caller (0.7.2)
      debug_inspector (>= 0.0.1)
    coderay (1.1.0)
    dbd-pg (0.3.9)
      dbi (>= 0.4.0)
      pg
    dbi (0.4.5)
      deprecated (= 2.0.1)
    debug_inspector (0.0.2)
    deprecated (2.0.1)
    docile (1.1.0)
    flexmock (1.3.2)
    hoe (3.7.1)
      rake (>= 0.8, < 11.0)
    interception (0.5)
    method_source (0.8.2)
    minitest (5.0.8)
    multi_json (1.8.2)
    pg (0.17.1)
    pry (0.9.12.6)
      coderay (~> 1.0)
      method_source (~> 0.8)
      slop (~> 3.4)
    pry-doc (0.6.0)
      pry (~> 0.9)
      yard (~> 0.8)
    pry-nav (0.2.3)
      pry (~> 0.9.10)
    pry-rescue (1.4.1)
      interception (>= 0.5)
      pry
    pry-stack_explorer (0.4.9.1)
      binding_of_caller (>= 0.7)
      pry (>= 0.9.11)
    rake (10.1.0)
    simplecov (0.8.2)
      docile (~> 1.1.0)
      multi_json
      simplecov-html (~> 0.8.0)
    simplecov-html (0.8.0)
    slop (3.5.0)
    yard (0.8.7.4)

PLATFORMS
  ruby

DEPENDENCIES
  dbd-pg (= 0.3.9)
  dbi
  flexmock
  hoe
  minitest
  pry
  pry-doc
  pry-nav
  pry-rescue
  pry-stack_explorer
  rake
  simplecov
