GEM
  remote: https://rubygems.org/
  specs:
    dbi (0.4.5)
      deprecated (= 2.0.1)
    deprecated (2.0.1)
    flexmock (1.3.2)
    hoe (3.7.1)
      rake (>= 0.8, < 11.0)
    minitest (5.0.8)
    rake (10.1.0)

PLATFORMS
  ruby

DEPENDENCIES
  dbi
  flexmock
  hoe
  minitest
  rake
